GEM
  remote: https://rubygems.org/
  specs:
    stdlogger (0.3.0)
    thor (0.19.1)

PLATFORMS
  ruby

DEPENDENCIES
  stdlogger
  thor

BUNDLED WITH
   1.13.0
